GEM
  remote: https://rubygems.org/
  specs:
    backports (2.6.5)
    eventmachine (1.0.0)
    fastercsv (1.5.5)
    haml (3.1.7)
    rack (1.4.2)
    rack-protection (1.3.2)
      rack
    rack-test (0.6.2)
      rack (>= 1.0)
    sinatra (1.3.3)
      rack (~> 1.3, >= 1.3.6)
      rack-protection (~> 1.2)
      tilt (~> 1.3, >= 1.3.3)
    sinatra-contrib (1.3.2)
      backports (>= 2.0)
      eventmachine
      rack-protection
      rack-test
      sinatra (~> 1.3.0)
      tilt (~> 1.3)
    tilt (1.3.3)
    xmpp4r (0.5)

PLATFORMS
  ruby

DEPENDENCIES
  fastercsv
  haml
  sinatra
  sinatra-contrib
  xmpp4r (~> 0.5)
