GEM
  remote: https://rubygems.org/
  specs:
    xmpp4r (0.5)

PLATFORMS
  ruby

DEPENDENCIES
  xmpp4r (~> 0.5)
